NRRD0001
content: aneurysm
type: unsigned char
dimension: 3
sizes: 256 256 256
spacings: 1 1 1
encoding: gzip
data file: ././aneurysm.raw.gz
