NRRD0001
type: unsigned char
dimension: 3
sizes: 512 512 373
spacings: 0.9766 0.9766 1.25
encoding: gzip
data file: ./backpack8.raw.gz
