NRRD0001
content: BostonTeapot
type: unsigned char
dimension: 3
sizes: 256 256 178
spacings: 1 1 1
encoding: gzip
data file: ././BostonTeapot.raw.gz
