NRRD0001
content: "Head MRI CISS, cerebral venricular system, Dirk Bartz, U Tubingen"
type: unsigned char
dimension: 3
sizes: 256 256 124
spacings: 0.9 0.9 0.9
encoding: gzip
data file: ./head_ventricles_mri.raw.gz
