NRRD0001
type: unsigned short
dimension: 3
sizes: 416 512 112
endian: little
encoding: gzip
data file: ./mrt16_angio.raw.gz
