NRRD0001
type: unsigned char
dimension: 3
sizes: 416 512 112
spacings: 0.412 0.412 0.412
encoding: gzip
data file: ./mrt8_angio.raw.gz
