NRRD0001
type: unsigned char
dimension: 3
sizes: 256 320 128
spacings: 0.66 0.66 0.66
encoding: gzip
data file: ./mrt8_angio2.raw.gz
