NRRD0001
type: unsigned char
dimension: 3
sizes: 41 41 41
encoding: gzip
data file: ./nucleon.raw.gz
