NRRD0001
content: engine
type: unsigned char
dimension: 3
sizes: 64 64 512
spacings: 1 1 1
encoding: gzip
data file: ./shockwave.raw.gz
