NRRD0001
type: unsigned char
dimension: 3
sizes: 341 341 93
spacings: 1 1 4
encoding: gzip
data file: ./statueLeg.raw.gz
